GIT
  remote: https://github.com/britg/sinatra-cross_origin.git
  revision: 116d6c5e9f0b02fefc0a2b116a3e8f807d6f2253
  specs:
    sinatra-cross_origin (0.3.2)

GEM
  specs:
    httparty (0.13.1)
      json (~> 1.8)
      multi_xml (>= 0.5.2)
    json (1.8.1)
    multi_xml (0.5.5)
    rack (1.5.2)
    rack-protection (1.5.3)
      rack
    sinatra (1.4.5)
      rack (~> 1.4)
      rack-protection (~> 1.4)
      tilt (~> 1.3, >= 1.3.4)
    tilt (1.4.1)

PLATFORMS
  ruby

DEPENDENCIES
  httparty
  sinatra
  sinatra-cross_origin!
